GEM
  remote: https://rubygems.org/
  specs:
    awesome_print (1.1.0)
    httparty (0.11.0)
      multi_json (~> 1.0)
      multi_xml (>= 0.5.2)
    json (1.8.0)
    mail (2.5.4)
      mime-types (~> 1.16)
      treetop (~> 1.4.8)
    mime-types (1.24)
    multi_json (1.7.9)
    multi_xml (0.5.5)
    nokogiri (1.5.5)
    polyglot (0.3.3)
    rack (1.5.2)
    rack-protection (1.5.0)
      rack
    rufus-scheduler (2.0.23)
      tzinfo (>= 0.3.23)
    sinatra (1.4.3)
      rack (~> 1.4)
      rack-protection (~> 1.4)
      tilt (~> 1.3, >= 1.3.4)
    tilt (1.4.1)
    treetop (1.4.15)
      polyglot
      polyglot (>= 0.3.1)
    tzinfo (1.0.1)

PLATFORMS
  ruby

DEPENDENCIES
  awesome_print
  httparty
  json
  mail
  nokogiri
  rack
  rufus-scheduler
  sinatra
